GEM
  remote: https://rubygems.org/
  specs:
    phashion (1.1.1)
    rb-readline (0.5.2)

PLATFORMS
  ruby

DEPENDENCIES
  phashion
  rb-readline
